GEM
  remote: https://rubygems.org/
  specs:
    byebug (11.1.3)
    coderay (1.1.3)
    method_source (1.0.0)
    pry (0.13.1)
      coderay (~> 1.1)
      method_source (~> 1.0)
    pry-byebug (3.9.0)
      byebug (~> 11.0)
      pry (~> 0.13.0)
    sorbet (0.5.9534)
      sorbet-static (= 0.5.9534)
    sorbet-runtime (0.5.9534)
    sorbet-static (0.5.9534-x86_64-linux)

PLATFORMS
  ruby
  x86_64-linux

DEPENDENCIES
  pry-byebug (~> 3.9)
  sorbet
  sorbet-runtime

BUNDLED WITH
   2.2.15
